GEM
  remote: https://rubygems.org/
  specs:
    holidays (8.5.0)

PLATFORMS
  arm64-darwin-21
  arm64-darwin-23

DEPENDENCIES
  holidays
  tzinfo-data

BUNDLED WITH
   2.4.22
